GEM
  remote: https://rubygems.org/
  specs:
    api_client (0.5.12)
      faraday (>= 0.8.1)
      hashie (>= 2.0.5)
      multi_json (>= 1.6.1)
      yajl-ruby
    diff-lcs (1.2.5)
    docile (1.1.5)
    faraday (0.9.2)
      multipart-post (>= 1.2, < 3)
    hashie (3.4.3)
    json (1.8.3)
    multi_json (1.11.2)
    multipart-post (2.0.0)
    rake (11.1.1)
    rspec (3.4.0)
      rspec-core (~> 3.4.0)
      rspec-expectations (~> 3.4.0)
      rspec-mocks (~> 3.4.0)
    rspec-core (3.4.4)
      rspec-support (~> 3.4.0)
    rspec-expectations (3.4.0)
      diff-lcs (>= 1.2.0, < 2.0)
      rspec-support (~> 3.4.0)
    rspec-mocks (3.4.1)
      diff-lcs (>= 1.2.0, < 2.0)
      rspec-support (~> 3.4.0)
    rspec-support (3.4.1)
    simplecov (0.11.2)
      docile (~> 1.1.0)
      json (~> 1.8)
      simplecov-html (~> 0.10.0)
    simplecov-html (0.10.0)
    yajl-ruby (1.2.1)

PLATFORMS
  ruby

DEPENDENCIES
  api_client (= 0.5.12)
  rake
  rspec
  simplecov

BUNDLED WITH
   1.11.2
